GEM
  remote: https://rubygems.org/
  specs:
    addressable (2.3.8)
    charlock_holmes (0.7.3)
    diff-lcs (1.2.5)
    faraday (0.9.1)
      multipart-post (>= 1.2, < 3)
    github-markup (1.3.3)
    gitlab-grit (2.7.3)
      charlock_holmes (~> 0.6)
      diff-lcs (~> 1.1)
      mime-types (~> 1.15)
      posix-spawn (~> 0.3)
    gollum (4.0.0)
      gollum-lib (~> 4.0, >= 4.0.1)
      kramdown (~> 1.6.0)
      mustache (>= 0.99.5, < 1.0.0)
      sinatra (~> 1.4, >= 1.4.4)
      useragent (~> 0.10.0)
    gollum-grit_adapter (1.0.0)
      gitlab-grit (~> 2.7, >= 2.7.1)
    gollum-lib (4.1.0)
      github-markup (~> 1.3.3)
      gollum-grit_adapter (~> 1.0)
      nokogiri (~> 1.6.4)
      rouge (~> 1.9)
      sanitize (~> 2.1.0)
      stringex (~> 2.5.1)
    kramdown (1.6.0)
    mime-types (1.25.1)
    mini_portile (0.6.2)
    multipart-post (2.0.0)
    mustache (0.99.8)
    nokogiri (1.6.6.2)
      mini_portile (~> 0.6.0)
    octokit (4.1.0)
      sawyer (~> 0.6.0, >= 0.5.3)
    posix-spawn (0.3.11)
    rack (1.6.4)
    rack-protection (1.5.3)
      rack
    rack-test (0.6.3)
      rack (>= 1.0)
    rouge (1.10.1)
    rspec (3.1.0)
      rspec-core (~> 3.1.0)
      rspec-expectations (~> 3.1.0)
      rspec-mocks (~> 3.1.0)
    rspec-core (3.1.7)
      rspec-support (~> 3.1.0)
    rspec-expectations (3.1.2)
      diff-lcs (>= 1.2.0, < 2.0)
      rspec-support (~> 3.1.0)
    rspec-mocks (3.1.3)
      rspec-support (~> 3.1.0)
    rspec-support (3.1.2)
    sanitize (2.1.0)
      nokogiri (>= 1.4.4)
    sawyer (0.6.0)
      addressable (~> 2.3.5)
      faraday (~> 0.8, < 0.10)
    sinatra (1.4.6)
      rack (~> 1.4)
      rack-protection (~> 1.4)
      tilt (>= 1.3, < 3)
    stringex (2.5.2)
    tilt (2.0.1)
    useragent (0.10.0)

PLATFORMS
  ruby

DEPENDENCIES
  gollum (~> 4.0.0)
  octokit (~> 4.0)
  rack-test
  rspec

BUNDLED WITH
   1.10.6
